GEM
  remote: https://rubygems.org/
  specs:
    backports (3.6.8)
    coderay (1.1.2)
    coffee-script (2.2.0)
      coffee-script-source
      execjs
    coffee-script-source (1.12.2)
    daemons (1.3.1)
    eventmachine (1.2.7)
    execjs (2.7.0)
    haml (5.0.4)
      temple (>= 0.8.0)
      tilt
    hashr (0.0.22)
    jsmin (1.0.1)
    json (1.8.6)
    libv8 (3.16.14.19)
    method_source (0.9.2)
    multi_json (1.14.1)
    pry (0.12.2)
      coderay (~> 1.1.0)
      method_source (~> 0.9.0)
    rack (1.6.13)
    rack-protection (1.5.5)
      rack
    rack-test (1.1.0)
      rack (>= 1.0, < 3)
    ref (2.0.0)
    sass (3.2.19)
    shotgun (0.9.2)
      rack (>= 1.0)
    sinatra (1.4.8)
      rack (~> 1.5)
      rack-protection (~> 1.4)
      tilt (>= 1.3, < 3)
    sinatra-assetpack (0.3.5)
      jsmin
      rack-test
      sinatra
      tilt (>= 1.3.0, < 2.0)
    sinatra-contrib (1.4.7)
      backports (>= 2.0)
      multi_json
      rack-protection
      rack-test
      sinatra (~> 1.4.0)
      tilt (>= 1.3, < 3)
    temple (0.8.2)
    therubyracer (0.12.3)
      libv8 (~> 3.16.14.15)
      ref
    thin (1.5.1)
      daemons (>= 1.0.9)
      eventmachine (>= 0.12.6)
      rack (>= 1.0.0)
    tilt (1.4.1)
    yui-compressor (0.12.0)

PLATFORMS
  ruby

DEPENDENCIES
  backports (~> 3.6.4)
  coffee-script (~> 2.2.0)
  haml (~> 5.0.0)
  hashr (~> 0.0.22)
  json (~> 1.8.0)
  libv8 (~> 3.16.14.15)
  pry
  sass (~> 3.2.9)
  shotgun
  sinatra (~> 1.4.2)
  sinatra-assetpack
  sinatra-contrib (~> 1.4.0)
  therubyracer (~> 0.12.3)
  thin (~> 1.5.1)
  yui-compressor

RUBY VERSION
   ruby 2.7.0p0

BUNDLED WITH
   2.1.4
